GEM
  remote: http://rubygems.org/
  specs:
    foreman (0.57.0)
      thor (>= 0.13.6)
    rack (1.4.1)
    rack-protection (1.2.0)
      rack
    rake (0.9.2.2)
    serialport (1.1.0)
    shotgun (0.9)
      rack (>= 1.0)
    sinatra (1.3.3)
      rack (~> 1.3, >= 1.3.6)
      rack-protection (~> 1.2)
      tilt (~> 1.3, >= 1.3.3)
    thor (0.16.0)
    tilt (1.3.3)
    zmq (2.1.4)

PLATFORMS
  ruby

DEPENDENCIES
  foreman
  rake
  serialport
  shotgun
  sinatra
  zmq
